GEM
  remote: https://rubygems.org/
  specs:
    byebug (6.0.2)
    coderay (1.1.0)
    method_source (0.8.2)
    pry (0.10.1)
      coderay (~> 1.1.0)
      method_source (~> 0.8.1)
      slop (~> 3.4)
    rserve-client (0.3.1)
    slop (3.6.0)

PLATFORMS
  ruby

DEPENDENCIES
  byebug
  pry
  rserve-client (~> 0.3.1)

BUNDLED WITH
   1.10.6
